PATH
  remote: .
  specs:
    close_enough (0.0.1)
      damerau-levenshtein (~> 0.5.4)

GEM
  remote: http://rubygems.org/
  specs:
    damerau-levenshtein (0.5.4)
    diff-lcs (1.1.3)
    rake (0.9.6)
    rspec (2.9.0)
      rspec-core (~> 2.9.0)
      rspec-expectations (~> 2.9.0)
      rspec-mocks (~> 2.9.0)
    rspec-core (2.9.0)
    rspec-expectations (2.9.1)
      diff-lcs (~> 1.1.3)
    rspec-mocks (2.9.0)

PLATFORMS
  ruby

DEPENDENCIES
  close_enough!
  rake (~> 0.9.2)
  rspec (~> 2.9.0)
