PATH
  remote: .
  specs:
    close_enough (0.1.2)
      damerau-levenshtein (~> 0.5.4)

GEM
  remote: http://rubygems.org/
  specs:
    damerau-levenshtein (0.5.4)
    diff-lcs (1.2.1)
    rake (10.0.3)
    rspec (2.13.0)
      rspec-core (~> 2.13.0)
      rspec-expectations (~> 2.13.0)
      rspec-mocks (~> 2.13.0)
    rspec-core (2.13.0)
    rspec-expectations (2.13.0)
      diff-lcs (>= 1.1.3, < 2.0)
    rspec-mocks (2.13.0)

PLATFORMS
  ruby

DEPENDENCIES
  close_enough!
  rake (~> 10.0.3)
  rspec (~> 2.13.0)
